GIT
  remote: https://github.com/29th/omniauth-discourse.git
  revision: 92ec18cd94399a48ce3f7a3897503b58c6a4e724
  specs:
    omniauth-discourse (1.0.0)
      omniauth (>= 1.0, < 3)

GEM
  remote: https://rubygems.org/
  specs:
    actioncable (7.1.2)
      actionpack (= 7.1.2)
      activesupport (= 7.1.2)
      nio4r (~> 2.0)
      websocket-driver (>= 0.6.1)
      zeitwerk (~> 2.6)
    actionmailbox (7.1.2)
      actionpack (= 7.1.2)
      activejob (= 7.1.2)
      activerecord (= 7.1.2)
      activestorage (= 7.1.2)
      activesupport (= 7.1.2)
      mail (>= 2.7.1)
      net-imap
      net-pop
      net-smtp
    actionmailer (7.1.2)
      actionpack (= 7.1.2)
      actionview (= 7.1.2)
      activejob (= 7.1.2)
      activesupport (= 7.1.2)
      mail (~> 2.5, >= 2.5.4)
      net-imap
      net-pop
      net-smtp
      rails-dom-testing (~> 2.2)
    actionpack (7.1.2)
      actionview (= 7.1.2)
      activesupport (= 7.1.2)
      nokogiri (>= 1.8.5)
      racc
      rack (>= 2.2.4)
      rack-session (>= 1.0.1)
      rack-test (>= 0.6.3)
      rails-dom-testing (~> 2.2)
      rails-html-sanitizer (~> 1.6)
    actiontext (7.1.2)
      actionpack (= 7.1.2)
      activerecord (= 7.1.2)
      activestorage (= 7.1.2)
      activesupport (= 7.1.2)
      globalid (>= 0.6.0)
      nokogiri (>= 1.8.5)
    actionview (7.1.2)
      activesupport (= 7.1.2)
      builder (~> 3.1)
      erubi (~> 1.11)
      rails-dom-testing (~> 2.2)
      rails-html-sanitizer (~> 1.6)
    active_link_to (1.0.5)
      actionpack
      addressable
    active_material (1.5.2)
    activeadmin (3.2.0)
      arbre (~> 1.2, >= 1.2.1)
      formtastic (>= 3.1)
      formtastic_i18n (>= 0.4)
      inherited_resources (~> 1.7)
      jquery-rails (>= 4.2)
      kaminari (>= 1.2.1)
      railties (>= 6.1)
      ransack (>= 4.0)
    activeadmin-searchable_select (1.8.0)
      activeadmin (>= 1.x, < 4)
      jquery-rails (>= 3.0, < 5)
      select2-rails (~> 4.0)
    activeadmin_addons (1.10.1)
      active_material
      railties
      redcarpet
      require_all
      sassc
      sassc-rails
      xdan-datetimepicker-rails (~> 2.5.1)
    activejob (7.1.2)
      activesupport (= 7.1.2)
      globalid (>= 0.3.6)
    activemodel (7.1.2)
      activesupport (= 7.1.2)
    activerecord (7.1.2)
      activemodel (= 7.1.2)
      activesupport (= 7.1.2)
      timeout (>= 0.4.0)
    activestorage (7.1.2)
      actionpack (= 7.1.2)
      activejob (= 7.1.2)
      activerecord (= 7.1.2)
      activesupport (= 7.1.2)
      marcel (~> 1.0)
    activesupport (7.1.2)
      base64
      bigdecimal
      concurrent-ruby (~> 1.0, >= 1.0.2)
      connection_pool (>= 2.2.5)
      drb
      i18n (>= 1.6, < 2)
      minitest (>= 5.1)
      mutex_m
      tzinfo (~> 2.0)
    addressable (2.8.5)
      public_suffix (>= 2.0.2, < 6.0)
    ancestry (3.2.1)
      activerecord (>= 4.2.0)
    appsignal (3.4.16)
      rack
    arbre (1.7.0)
      activesupport (>= 3.0.0)
      ruby2_keywords (>= 0.0.2)
    ast (2.4.2)
    audited (5.4.2)
      activerecord (>= 5.0, < 7.2)
      request_store (~> 1.2)
    autoprefixer-rails (10.4.16.0)
      execjs (~> 2)
    awesome_print (1.9.2)
    aws-eventstream (1.3.0)
    aws-partitions (1.862.0)
    aws-sdk-core (3.190.0)
      aws-eventstream (~> 1, >= 1.3.0)
      aws-partitions (~> 1, >= 1.651.0)
      aws-sigv4 (~> 1.8)
      jmespath (~> 1, >= 1.6.1)
    aws-sdk-kms (1.74.0)
      aws-sdk-core (~> 3, >= 3.188.0)
      aws-sigv4 (~> 1.1)
    aws-sdk-s3 (1.141.0)
      aws-sdk-core (~> 3, >= 3.189.0)
      aws-sdk-kms (~> 1)
      aws-sigv4 (~> 1.8)
    aws-sigv4 (1.8.0)
      aws-eventstream (~> 1, >= 1.0.2)
    base64 (0.2.0)
    bb-ruby (1.4.0)
    bigdecimal (3.1.4)
    bindex (0.8.1)
    bootsnap (1.17.0)
      msgpack (~> 1.2)
    bootstrap (4.6.2)
      autoprefixer-rails (>= 9.1.0)
      popper_js (>= 1.16.1, < 2)
      sassc-rails (>= 2.0.0)
    builder (3.2.4)
    capybara (3.39.2)
      addressable
      matrix
      mini_mime (>= 0.1.3)
      nokogiri (~> 1.8)
      rack (>= 1.6.0)
      rack-test (>= 0.6.3)
      regexp_parser (>= 1.5, < 3.0)
      xpath (~> 3.2)
    concurrent-ruby (1.2.2)
    connection_pool (2.4.1)
    content_disposition (1.0.0)
    crack (0.4.5)
      rexml
    crass (1.0.6)
    data_migrate (8.5.0)
      activerecord (>= 5.0)
      railties (>= 5.0)
    date (3.3.4)
    debug (1.8.0)
      irb (>= 1.5.0)
      reline (>= 0.3.1)
    delayed_job (4.1.11)
      activesupport (>= 3.0, < 8.0)
    delayed_job_active_record (4.1.8)
      activerecord (>= 3.0, < 8.0)
      delayed_job (>= 3.0, < 5)
    dotenv (2.8.1)
    dotenv-rails (2.8.1)
      dotenv (= 2.8.1)
      railties (>= 3.2)
    down (5.4.1)
      addressable (~> 2.8)
    drb (2.2.0)
      ruby2_keywords
    erubi (1.12.0)
    execjs (2.9.1)
    factory_bot (6.4.2)
      activesupport (>= 5.0.0)
    factory_bot_rails (6.4.2)
      factory_bot (~> 6.4)
      railties (>= 5.0.0)
    faker (3.2.2)
      i18n (>= 1.8.11, < 2)
    faraday (2.7.12)
      base64
      faraday-net_http (>= 2.0, < 3.1)
      ruby2_keywords (>= 0.0.4)
    faraday-net_http (3.0.2)
    faraday-retry (2.2.0)
      faraday (~> 2.0)
    fastimage (2.2.7)
    ffi (1.16.3)
    flag-icons-rails (3.4.6.1)
      sass-rails
    font-awesome-sass (6.2.1)
      sassc (~> 2.0)
    formtastic (5.0.0)
      actionpack (>= 6.0.0)
    formtastic_i18n (0.7.0)
    friendly_id (5.5.1)
      activerecord (>= 4.0.0)
    globalid (1.2.1)
      activesupport (>= 6.1)
    has_scope (0.8.2)
      actionpack (>= 5.2)
      activesupport (>= 5.2)
    hashdiff (1.0.1)
    hashie (5.0.0)
    honeybadger (5.4.0)
    i18n (1.14.1)
      concurrent-ruby (~> 1.0)
    image_processing (1.12.2)
      mini_magick (>= 4.9.5, < 5)
      ruby-vips (>= 2.0.17, < 3)
    inherited_resources (1.14.0)
      actionpack (>= 6.0)
      has_scope (>= 0.6)
      railties (>= 6.0)
      responders (>= 2)
    io-console (0.6.0)
    irb (1.10.0)
      rdoc
      reline (>= 0.3.8)
    jbuilder (2.11.5)
      actionview (>= 5.0.0)
      activesupport (>= 5.0.0)
    jmespath (1.6.2)
    jquery-rails (4.6.0)
      rails-dom-testing (>= 1, < 3)
      railties (>= 4.2.0)
      thor (>= 0.14, < 2.0)
    jsbundling-rails (1.2.1)
      railties (>= 6.0.0)
    json (2.7.0)
    jwt (2.7.1)
    kaminari (1.2.2)
      activesupport (>= 4.1.0)
      kaminari-actionview (= 1.2.2)
      kaminari-activerecord (= 1.2.2)
      kaminari-core (= 1.2.2)
    kaminari-actionview (1.2.2)
      actionview
      kaminari-core (= 1.2.2)
    kaminari-activerecord (1.2.2)
      activerecord
      kaminari-core (= 1.2.2)
    kaminari-core (1.2.2)
    language_server-protocol (3.17.0.3)
    lint_roller (1.1.0)
    listen (3.0.8)
      rb-fsevent (~> 0.9, >= 0.9.4)
      rb-inotify (~> 0.9, >= 0.9.7)
    loofah (2.22.0)
      crass (~> 1.0.2)
      nokogiri (>= 1.12.0)
    mail (2.8.1)
      mini_mime (>= 0.1.1)
      net-imap
      net-pop
      net-smtp
    marcel (1.0.2)
    matrix (0.4.2)
    mini_magick (4.12.0)
    mini_mime (1.1.5)
    mini_portile2 (2.8.5)
    minitest (5.20.0)
    minitest-stub_any_instance (1.0.3)
    msgpack (1.7.2)
    mutex_m (0.2.0)
    mysql2 (0.5.5)
    net-imap (0.4.7)
      date
      net-protocol
    net-pop (0.1.2)
      net-protocol
    net-protocol (0.2.2)
      timeout
    net-smtp (0.4.0)
      net-protocol
    nilify_blanks (1.4.0)
      activerecord (>= 4.0.0)
      activesupport (>= 4.0.0)
    nio4r (2.7.0)
    nokogiri (1.15.5)
      mini_portile2 (~> 2.8.2)
      racc (~> 1.4)
    nokogiri (1.15.5-aarch64-linux)
      racc (~> 1.4)
    nokogiri (1.15.5-x86_64-linux)
      racc (~> 1.4)
    omniauth (2.1.1)
      hashie (>= 3.4.6)
      rack (>= 2.2.3)
      rack-protection
    omniauth-rails_csrf_protection (1.0.1)
      actionpack (>= 4.2)
      omniauth (~> 2.0)
    parallel (1.23.0)
    parser (3.2.2.4)
      ast (~> 2.4.1)
      racc
    popper_js (1.16.1)
    prosopite (1.4.1)
    psych (5.1.1.1)
      stringio
    public_suffix (5.0.4)
    puma (5.6.7)
      nio4r (~> 2.0)
    pundit (2.3.1)
      activesupport (>= 3.0.0)
    racc (1.7.3)
    rack (2.2.8)
    rack-protection (3.1.0)
      rack (~> 2.2, >= 2.2.4)
    rack-session (1.0.2)
      rack (< 3)
    rack-test (2.1.0)
      rack (>= 1.3)
    rackup (1.0.0)
      rack (< 3)
      webrick
    rails (7.1.2)
      actioncable (= 7.1.2)
      actionmailbox (= 7.1.2)
      actionmailer (= 7.1.2)
      actionpack (= 7.1.2)
      actiontext (= 7.1.2)
      actionview (= 7.1.2)
      activejob (= 7.1.2)
      activemodel (= 7.1.2)
      activerecord (= 7.1.2)
      activestorage (= 7.1.2)
      activesupport (= 7.1.2)
      bundler (>= 1.15.0)
      railties (= 7.1.2)
    rails-dom-testing (2.2.0)
      activesupport (>= 5.0.0)
      minitest
      nokogiri (>= 1.6)
    rails-html-sanitizer (1.6.0)
      loofah (~> 2.21)
      nokogiri (~> 1.14)
    railties (7.1.2)
      actionpack (= 7.1.2)
      activesupport (= 7.1.2)
      irb
      rackup (>= 1.0.0)
      rake (>= 12.2)
      thor (~> 1.0, >= 1.2.2)
      zeitwerk (~> 2.6)
    rainbow (3.1.1)
    rake (13.1.0)
    ransack (4.1.1)
      activerecord (>= 6.1.5)
      activesupport (>= 6.1.5)
      i18n
    rb-fsevent (0.11.2)
    rb-inotify (0.10.1)
      ffi (~> 1.0)
    rdoc (6.6.0)
      psych (>= 4.0.0)
    redcarpet (3.6.0)
    regexp_parser (2.8.3)
    reline (0.4.1)
      io-console (~> 0.5)
    request_store (1.5.1)
      rack (>= 1.4)
    require_all (3.0.0)
    responders (3.1.1)
      actionpack (>= 5.2)
      railties (>= 5.2)
    retryable (3.0.5)
    rexml (3.2.6)
    rubocop (1.57.2)
      json (~> 2.3)
      language_server-protocol (>= 3.17.0)
      parallel (~> 1.10)
      parser (>= 3.2.2.4)
      rainbow (>= 2.2.2, < 4.0)
      regexp_parser (>= 1.8, < 3.0)
      rexml (>= 3.2.5, < 4.0)
      rubocop-ast (>= 1.28.1, < 2.0)
      ruby-progressbar (~> 1.7)
      unicode-display_width (>= 2.4.0, < 3.0)
    rubocop-ast (1.30.0)
      parser (>= 3.2.1.0)
    rubocop-performance (1.19.1)
      rubocop (>= 1.7.0, < 2.0)
      rubocop-ast (>= 0.4.0)
    ruby-progressbar (1.13.0)
    ruby-vips (2.2.0)
      ffi (~> 1.12)
    ruby2_keywords (0.0.5)
    rubyzip (2.3.2)
    sass (3.7.4)
      sass-listen (~> 4.0.0)
    sass-listen (4.0.0)
      rb-fsevent (~> 0.9, >= 0.9.4)
      rb-inotify (~> 0.9, >= 0.9.7)
    sass-rails (5.1.0)
      railties (>= 5.2.0)
      sass (~> 3.1)
      sprockets (>= 2.8, < 4.0)
      sprockets-rails (>= 2.0, < 4.0)
      tilt (>= 1.1, < 3)
    sassc (2.4.0)
      ffi (~> 1.9)
    sassc-rails (2.1.2)
      railties (>= 4.0.0)
      sassc (>= 2.0)
      sprockets (> 3.0)
      sprockets-rails
      tilt
    scout_apm (5.3.5)
      parser
    select2-rails (4.0.13)
    selenium-webdriver (4.15.0)
      rexml (~> 3.2, >= 3.2.5)
      rubyzip (>= 1.2.2, < 3.0)
      websocket (~> 1.0)
    shrine (3.5.0)
      content_disposition (~> 1.0)
      down (~> 5.1)
    simple_calendar (2.4.3)
      rails (>= 3.0)
    simple_form (5.3.0)
      actionpack (>= 5.2)
      activemodel (>= 5.2)
    spring (2.1.1)
    spring-watcher-listen (2.0.1)
      listen (>= 2.7, < 4.0)
      spring (>= 1.2, < 3.0)
    sprockets (3.7.2)
      concurrent-ruby (~> 1.0)
      rack (> 1, < 3)
    sprockets-rails (3.4.2)
      actionpack (>= 5.2)
      activesupport (>= 5.2)
      sprockets (>= 3.0.0)
    standard (1.32.1)
      language_server-protocol (~> 3.17.0.2)
      lint_roller (~> 1.0)
      rubocop (~> 1.57.2)
      standard-custom (~> 1.0.0)
      standard-performance (~> 1.2)
    standard-custom (1.0.2)
      lint_roller (~> 1.0)
      rubocop (~> 1.50)
    standard-performance (1.2.1)
      lint_roller (~> 1.1)
      rubocop-performance (~> 1.19.1)
    stimulus-rails (1.3.0)
      railties (>= 6.0.0)
    store_model (2.1.2)
      activerecord (>= 5.2)
    stringio (3.1.0)
    thor (1.3.0)
    tilt (2.3.0)
    timeliness (0.4.5)
    timeout (0.4.1)
    turbolinks (5.2.1)
      turbolinks-source (~> 5.2)
    turbolinks-source (5.2.0)
    tzinfo (2.0.6)
      concurrent-ruby (~> 1.0)
    uglifier (4.2.0)
      execjs (>= 0.3.0, < 3)
    unicode-display_width (2.5.0)
    validates_timeliness (7.0.0.beta2)
      activemodel (>= 7.0.0, < 8)
      timeliness (>= 0.3.10, < 1)
    web-console (4.2.1)
      actionview (>= 6.0.0)
      activemodel (>= 6.0.0)
      bindex (>= 0.4.0)
      railties (>= 6.0.0)
    webmock (3.19.1)
      addressable (>= 2.8.0)
      crack (>= 0.3.2)
      hashdiff (>= 0.4.0, < 2.0.0)
    webrick (1.8.1)
    websocket (1.2.10)
    websocket-driver (0.7.6)
      websocket-extensions (>= 0.1.0)
    websocket-extensions (0.1.5)
    xdan-datetimepicker-rails (2.5.4)
      jquery-rails
      rails (>= 3.2.16)
    xpath (3.2.0)
      nokogiri (~> 1.8)
    zeitwerk (2.6.12)

PLATFORMS
  aarch64-linux
  ruby
  x86_64-linux

DEPENDENCIES
  active_link_to (~> 1.0, >= 1.0.5)
  activeadmin (~> 3.2.0)
  activeadmin-searchable_select (~> 1.8)
  activeadmin_addons (~> 1.10, >= 1.10.1)
  ancestry (~> 3.2, >= 3.2.1)
  appsignal (~> 3.1, >= 3.1.5)
  audited (~> 5.0)
  awesome_print (~> 1.9, >= 1.9.2)
  aws-sdk-s3 (~> 1.14)
  bb-ruby (~> 1.4)
  bootsnap (>= 1.1.0)
  bootstrap (~> 4.6)
  capybara (>= 2.15, < 4.0)
  data_migrate (~> 8.1, >= 8.1.1)
  debug (>= 1.0.0)
  delayed_job_active_record (~> 4.1, >= 4.1.5)
  dotenv-rails
  factory_bot_rails
  faker
  faraday (~> 2.5, >= 2.5.2)
  faraday-retry (~> 2.0)
  fastimage (~> 2.2, >= 2.2.2)
  flag-icons-rails (~> 3.4, >= 3.4.6.1)
  font-awesome-sass (~> 6.2.0)
  friendly_id (~> 5.4, >= 5.4.2)
  honeybadger (~> 5.4)
  image_processing (~> 1.0)
  jbuilder (~> 2.5)
  jsbundling-rails (~> 1.2, >= 1.2.1)
  jwt (~> 2.2, >= 2.2.2)
  kaminari (~> 1.2, >= 1.2.1)
  listen (>= 3.0.5, < 3.2)
  minitest-stub_any_instance (~> 1.0, >= 1.0.2)
  mysql2 (>= 0.4.4, < 0.6.0)
  nilify_blanks (~> 1.4)
  omniauth (~> 2.1)
  omniauth-discourse!
  omniauth-rails_csrf_protection (~> 1.0, >= 1.0.1)
  prosopite
  puma (~> 5.0)
  pundit (~> 2.1)
  rails (~> 7.1.2)
  ransack (~> 4.1, >= 4.1.1)
  redcarpet (~> 3.6, >= 3.6.0)
  retryable (~> 3.0, >= 3.0.5)
  sass-rails (~> 5.0)
  sassc (~> 2.4)
  scout_apm (~> 5.3, >= 5.3.1)
  selenium-webdriver
  shrine (~> 3.0)
  simple_calendar (~> 2.0)
  simple_form (~> 5.1)
  spring
  spring-watcher-listen (~> 2.0.0)
  standard (~> 1.0, >= 1.0.4)
  stimulus-rails (~> 1.3)
  store_model (~> 2.1, >= 2.1.2)
  turbolinks (~> 5)
  tzinfo-data
  uglifier (>= 1.3.0)
  validates_timeliness (~> 7.0.0.beta2)
  web-console (>= 3.3.0)
  webmock (~> 3.12, >= 3.12.1)

RUBY VERSION
   ruby 3.2.2p53

BUNDLED WITH
   2.4.22
